GEM
  remote: http://rubygems.org/
  specs:
    archive-tar-minitar (0.5.2)
    chunky_png (1.2.5)
    coffee-script (2.2.0)
      coffee-script-source
      execjs
    coffee-script-source (1.2.0)
    compass (0.11.5)
      chunky_png (~> 1.2)
      fssm (>= 0.2.7)
      sass (~> 3.1)
    downlow (0.1.4)
      archive-tar-minitar (>= 0.5.2)
      rubyzip (>= 0.9.4)
    execjs (1.3.0)
      multi_json (~> 1.0)
    fssm (0.2.7)
    git (1.2.5)
    jeweler (1.8.3)
      bundler (~> 1.0)
      git (>= 1.2.5)
      rake
      rdoc
    jim (0.3.2)
      downlow (~> 0.1.3)
      fssm
      thor
      version_sorter (~> 1.1.0)
      yajl-ruby
    json (1.4.6)
    metaclass (0.0.1)
    mime-types (1.18)
    mocha (0.10.5)
      metaclass (~> 0.0.1)
    multi_json (1.0.3)
    mustache (0.99.4)
    rake (0.9.2.2)
    rdoc (3.12)
      json (~> 1.4)
    rubyzip (0.9.6.1)
    sass (3.1.15)
    shoulda (3.0.1)
      shoulda-context (~> 1.0.0)
      shoulda-matchers (~> 1.0.0)
    shoulda-context (1.0.0)
    shoulda-matchers (1.0.0)
    thor (0.14.6)
    typhoeus (0.2.4)
      mime-types
      mime-types
    version_sorter (1.1.0)
    yajl-ruby (1.1.0)

PLATFORMS
  ruby

DEPENDENCIES
  coffee-script (~> 2.2)
  compass (~> 0.11)
  jeweler
  jim (~> 0.3.1)
  json (~> 1.4.6)
  mime-types (~> 1.16)
  mocha
  mustache (~> 0.99)
  rake
  shoulda
  thor (~> 0.14.0)
  typhoeus (~> 0.2.4)
